PATH
  remote: .
  specs:
    genevalidator (2.1.9)
      bio (~> 1.4)
      bio-blastxmlparser (~> 2.0)
      genevalidatorapp (~> 2.1.7)
      mechanize (= 2.7.5)
      ncbi-blast-dbs (= 0.0.6)
      rack (~> 2.0)
      slim (~> 3.0)
      statsample (= 2.1.0)

GEM
  remote: http://rubygems.org/
  specs:
    awesome_print (1.8.0)
    backports (3.11.4)
    bio (1.5.2)
    bio-blastxmlparser (2.0.4)
      bio-logger
      nokogiri
    bio-logger (1.0.1)
      log4r (>= 1.1.9)
    clbustos-rtf (0.4.2)
    daru (0.1.6)
      backports
    dirty-memoize (0.0.4)
    distribution (0.7.3)
    docile (1.3.1)
    domain_name (0.5.20180417)
      unf (>= 0.0.5, < 1.0.0)
    extendmatrix (0.4)
    genevalidatorapp (2.1.7)
      bio (~> 1.4)
      sinatra (~> 2.0)
      sinatra-cross_origin (~> 0.3)
      slim (~> 3.0)
    http-cookie (1.0.3)
      domain_name (~> 0.5)
    json (2.1.0)
    log4r (1.1.10)
    mechanize (2.7.5)
      domain_name (~> 0.5, >= 0.5.1)
      http-cookie (~> 1.0)
      mime-types (>= 1.17.2)
      net-http-digest_auth (~> 1.1, >= 1.1.1)
      net-http-persistent (~> 2.5, >= 2.5.2)
      nokogiri (~> 1.6)
      ntlm-http (~> 0.1, >= 0.1.1)
      webrobots (>= 0.0.9, < 0.2)
    mime-types (3.2.2)
      mime-types-data (~> 3.2015)
    mime-types-data (3.2018.0812)
    mini_portile2 (2.3.0)
    minimization (0.2.3)
      text-table (~> 1.2)
    minitest (5.11.3)
    mustermann (1.0.3)
    ncbi-blast-dbs (0.0.6)
      rake (~> 10.3, >= 10.3.2)
    net-http-digest_auth (1.4.1)
    net-http-persistent (2.9.4)
    nokogiri (1.8.5)
      mini_portile2 (~> 2.3.0)
    ntlm-http (0.1.1)
    prawn (0.8.4)
      prawn-core (>= 0.8.4, < 0.9)
      prawn-layout (>= 0.8.4, < 0.9)
      prawn-security (>= 0.8.4, < 0.9)
    prawn-core (0.8.4)
    prawn-layout (0.8.4)
    prawn-security (0.8.4)
    prawn-svg (0.9.1.11)
      prawn (>= 0.8.4)
    rack (2.0.8)
    rack-protection (2.0.4)
      rack
    rake (10.5.0)
    reportbuilder (1.4.2)
      clbustos-rtf (~> 0.4.0)
      prawn (~> 0.8.4)
      prawn-svg (~> 0.9.1)
      text-table (~> 1.2)
    rserve-client (0.3.5)
    ruby-ole (1.2.12.1)
    rubyvis (0.6.1)
    simplecov (0.16.1)
      docile (~> 1.1)
      json (>= 1.8, < 3)
      simplecov-html (~> 0.10.0)
    simplecov-html (0.10.2)
    sinatra (2.0.4)
      mustermann (~> 1.0)
      rack (~> 2.0)
      rack-protection (= 2.0.4)
      tilt (~> 2.0)
    sinatra-cross_origin (0.4.0)
    slim (3.0.9)
      temple (>= 0.7.6, < 0.9)
      tilt (>= 1.3.3, < 2.1)
    spreadsheet (1.1.8)
      ruby-ole (>= 1.0)
    statsample (2.1.0)
      awesome_print (~> 1.6)
      daru (~> 0.1.6)
      dirty-memoize (~> 0.0.4)
      distribution (~> 0.7)
      extendmatrix (~> 0.4)
      minimization (~> 0.2)
      reportbuilder (~> 1.4)
      rserve-client (~> 0.3)
      rubyvis (~> 0.6.1)
      spreadsheet (~> 1.1)
    temple (0.8.0)
    text-table (1.2.4)
    tilt (2.0.8)
    unf (0.1.4)
      unf_ext
    unf_ext (0.0.7.5)
    webrobots (0.1.2)
    yard (0.9.16)

PLATFORMS
  ruby

DEPENDENCIES
  genevalidator!
  minitest (~> 5.10)
  rake (~> 10.3, >= 10.3.2)
  simplecov
  yard (~> 0.9.11)

BUNDLED WITH
   1.16.2
